GEM
  remote: https://rubygems.org/
  specs:
    bourbon (4.3.4)
      sass (~> 3.4)
      thor (~> 0.19)
    ffi (1.9.18)
    jekyll-paginate (1.1.0)
    jekyll-watch (1.5.0)
      listen (~> 3.0, < 3.1)
    kramdown (1.13.2)
    listen (3.0.8)
      rb-fsevent (~> 0.9, >= 0.9.4)
      rb-inotify (~> 0.9, >= 0.9.7)
    rb-fsevent (0.9.8)
    rb-inotify (0.9.8)
      ffi (>= 0.5.0)
    sass (3.4.24)
    thor (0.19.4)

PLATFORMS
  ruby

DEPENDENCIES
  bourbon
  jekyll-paginate
  jekyll-watch
  kramdown

BUNDLED WITH
   1.15.0
